PATH
  remote: .
  specs:
    scryglass (1.1.0)
      amazing_print
      binding_of_caller
      method_source

GEM
  remote: https://rubygems.org/
  specs:
    amazing_print (1.2.1)
    binding_of_caller (0.8.0)
      debug_inspector (>= 0.0.1)
    debug_inspector (0.0.3)
    method_source (1.0.0)
    rake (12.3.3)

PLATFORMS
  ruby

DEPENDENCIES
  bundler (~> 2.1)
  rake (~> 12.0)
  scryglass!

BUNDLED WITH
   2.1.4
