PATH
  remote: .
  specs:
    scryglass (1.1.0)
      amazing_print
      method_source

GEM
  remote: https://rubygems.org/
  specs:
    amazing_print (1.2.1)
    method_source (1.0.0)
    rake (12.3.3)

PLATFORMS
  ruby

DEPENDENCIES
  bundler (~> 2.1)
  rake (~> 12.0)
  scryglass!

BUNDLED WITH
   2.1.4
