PATH
  remote: .
  specs:
    scryglass (2.1.1)
      amazing_print
      binding_of_caller
      method_source

GEM
  remote: https://rubygems.org/
  specs:
    amazing_print (1.2.1)
    binding_of_caller (0.8.0)
      debug_inspector (>= 0.0.1)
    coderay (1.1.3)
    debug_inspector (0.0.3)
    interception (0.5)
    method_source (1.0.0)
    pry (0.13.1)
      coderay (~> 1.1)
      method_source (~> 1.0)
    pry-rescue (1.5.2)
      interception (>= 0.5)
      pry (>= 0.12.0)
    rake (12.3.3)

PLATFORMS
  ruby

DEPENDENCIES
  bundler (~> 2.1)
  pry-rescue
  rake (~> 12.0)
  scryglass!

BUNDLED WITH
   2.1.4
